PATH
  remote: .
  specs:
    warden-token (0.1.0)
      warden (~> 1.2)

GEM
  remote: https://rubygems.org/
  specs:
    rack (1.5.2)
    warden (1.2.3)
      rack (>= 1.0)

PLATFORMS
  ruby

DEPENDENCIES
  warden-token!
